PATH
  remote: .
  specs:
    configurate (0.0.9)

GEM
  remote: https://rubygems.org/
  specs:
    colorize (0.5.8)
    coveralls (0.6.7)
      colorize
      multi_json (~> 1.3)
      rest-client
      simplecov (>= 0.7)
      thor
    diff-lcs (1.2.4)
    gems (0.8.1)
    gpg_status_parser (0.4.0)
    mime-types (1.23)
    multi_json (1.7.7)
    rake (10.1.0)
    redcarpet (2.3.0)
    rest-client (1.6.7)
      mime-types (>= 1.16)
    rspec (2.13.0)
      rspec-core (~> 2.13.0)
      rspec-expectations (~> 2.13.0)
      rspec-mocks (~> 2.13.0)
    rspec-core (2.13.1)
    rspec-expectations (2.13.0)
      diff-lcs (>= 1.1.3, < 2.0)
    rspec-mocks (2.13.1)
    rubygems-openpgp (0.6.0)
      gems (>= 0.7.1)
      gpg_status_parser (>= 0.4.0)
    simplecov (0.7.1)
      multi_json (~> 1.0)
      simplecov-html (~> 0.7.1)
    simplecov-html (0.7.1)
    thor (0.18.1)
    yard (0.8.6.2)

PLATFORMS
  ruby

DEPENDENCIES
  bundler
  configurate!
  coveralls
  rake (>= 10.0.3)
  redcarpet
  rspec (>= 2.12.0)
  rubygems-openpgp
  yard
