PATH
  remote: .
  specs:
    configurate (0.0.9)

GEM
  remote: https://rubygems.org/
  specs:
    coveralls (0.7.0)
      multi_json (~> 1.3)
      rest-client
      simplecov (>= 0.7)
      term-ansicolor
      thor
    diff-lcs (1.2.5)
    docile (1.1.2)
    gems (0.8.3)
    gpg_status_parser (0.4.0)
    mime-types (2.0)
    multi_json (1.8.4)
    rake (10.1.1)
    redcarpet (3.0.0)
    rest-client (1.6.7)
      mime-types (>= 1.16)
    rspec (2.14.1)
      rspec-core (~> 2.14.0)
      rspec-expectations (~> 2.14.0)
      rspec-mocks (~> 2.14.0)
    rspec-core (2.14.7)
    rspec-expectations (2.14.4)
      diff-lcs (>= 1.1.3, < 2.0)
    rspec-mocks (2.14.4)
    rubygems-openpgp (0.6.0)
      gems (>= 0.7.1)
      gpg_status_parser (>= 0.4.0)
    simplecov (0.8.2)
      docile (~> 1.1.0)
      multi_json
      simplecov-html (~> 0.8.0)
    simplecov-html (0.8.0)
    term-ansicolor (1.2.2)
      tins (~> 0.8)
    thor (0.18.1)
    tins (0.13.1)
    yard (0.8.7.3)

PLATFORMS
  ruby

DEPENDENCIES
  bundler
  configurate!
  coveralls
  rake (>= 10.0.3)
  redcarpet
  rspec (>= 2.12.0)
  rubygems-openpgp
  yard
