PATH
  remote: .
  specs:
    configurate (0.0.9)

GEM
  remote: https://rubygems.org/
  specs:
    coveralls (0.7.1)
      multi_json (~> 1.3)
      rest-client
      simplecov (>= 0.7)
      term-ansicolor
      thor
    diff-lcs (1.2.5)
    docile (1.1.5)
    gems (0.8.3)
    gpg_status_parser (0.4.0)
    mime-types (2.3)
    multi_json (1.10.1)
    netrc (0.7.7)
    psych (2.0.6)
    rake (10.3.2)
    redcarpet (3.1.2)
    rest-client (1.7.2)
      mime-types (>= 1.16, < 3.0)
      netrc (~> 0.7)
    rspec (3.1.0)
      rspec-core (~> 3.1.0)
      rspec-expectations (~> 3.1.0)
      rspec-mocks (~> 3.1.0)
    rspec-core (3.1.4)
      rspec-support (~> 3.1.0)
    rspec-expectations (3.1.2)
      diff-lcs (>= 1.2.0, < 2.0)
      rspec-support (~> 3.1.0)
    rspec-mocks (3.1.2)
      rspec-support (~> 3.1.0)
    rspec-support (3.1.1)
    rubygems-openpgp (0.6.0)
      gems (>= 0.7.1)
      gpg_status_parser (>= 0.4.0)
    rubysl-singleton (2.0.0)
    simplecov (0.9.1)
      docile (~> 1.1.0)
      multi_json (~> 1.0)
      simplecov-html (~> 0.8.0)
    simplecov-html (0.8.0)
    term-ansicolor (1.3.0)
      tins (~> 1.0)
    thor (0.19.1)
    tins (1.3.3)
    yard (0.8.7.4)

PLATFORMS
  ruby

DEPENDENCIES
  bundler
  configurate!
  coveralls
  psych
  rake (>= 10.0.3)
  redcarpet
  rspec (>= 3.0)
  rubygems-openpgp
  rubysl-singleton
  yard
